GEM
  remote: http://rubygems.org/
  specs:
    diff-lcs (1.1.3)
    facter (1.6.14)
    puppet (2.7.19)
      facter (~> 1.5)
    puppet-lint (0.3.2)
    rake (10.0.0)
    rspec (2.12.0)
      rspec-core (~> 2.12.0)
      rspec-expectations (~> 2.12.0)
      rspec-mocks (~> 2.12.0)
    rspec-core (2.12.0)
    rspec-expectations (2.12.0)
      diff-lcs (~> 1.1.3)
    rspec-mocks (2.12.0)
    rspec-puppet (0.1.4)
      rspec

PLATFORMS
  ruby

DEPENDENCIES
  puppet (~> 2.7)
  puppet-lint
  rake
  rspec-puppet (= 0.1.4)
